GEM
  remote: http://rubygems.org/
  specs:
    diff-lcs (1.1.3)
    rake (12.3.1)
    rspec (2.9.0)
      rspec-core (~> 2.9.0)
      rspec-expectations (~> 2.9.0)
      rspec-mocks (~> 2.9.0)
    rspec-core (2.9.0)
    rspec-expectations (2.9.1)
      diff-lcs (~> 1.1.3)
    rspec-mocks (2.9.0)

PLATFORMS
  ruby

DEPENDENCIES
  rake
  rspec

BUNDLED WITH
   1.16.6
